PATH
  remote: .
  specs:
    globalize2 (0.2.1)
      activerecord (= 2.3.6)
      globalize2

GEM
  remote: http://rubygems.org/
  specs:
    activerecord (2.3.6)
      activesupport (= 2.3.6)
    activesupport (2.3.6)
    git (1.2.5)
    jeweler (1.5.2)
      bundler (~> 1.0.0)
      git (>= 1.2.5)
      rake
    mocha (0.9.12)
    rake (0.8.7)
    sqlite3 (1.3.3)

PLATFORMS
  ruby

DEPENDENCIES
  globalize2!
  jeweler (~> 1.5)
  mocha (~> 0.9)
  rake (~> 0.8)
  sqlite3 (~> 1.3)
